##TITLE= Parameter file, TopSpin 4.4.0
##JCAMPDX= 5.0
##DATATYPE= Parameter Values
##NPOINTS= 2	$$ modification sequence number
##ORIGIN= Bruker BioSpin GmbH & Co. KG
##OWNER= monteg3
$$ 2026-01-29 20:14:09.140 -0500  monteg3@mohawk.biotech.rpi.edu
$$ /opt/nmrdata/data/monteg3/ADF_TR_Enselt400-Mpro400_VT_2026-01-29/2051/acqu2
$$ process /opt/topspin4.4.0/prog/mod/dataserver
##$ACQT0= 0
##$BF1= 600.07
##$DE= 260.3863
##$DR= 32
##$FW= 2.4e+08
##$FnILOOP= 0
##$FnMODE= 0
##$NUC1= <off>
##$NusJSP= 0
##$NusT2= 1
##$NusTD= 0
##$O1= 3705.43
##$ProjAngle= 0
##$SFO1= 600.07370543
##$SW= 2
##$SW_h= 1200.14
##$TD= 12
##END=
