##TITLE= Parameter file, TopSpin 4.4.1
##JCAMPDX= 5.0
##DATATYPE= Parameter Values
##NPOINTS= 1	$$ modification sequence number
##ORIGIN= Bruker BioSpin GmbH & Co. KG
##OWNER= monteg3
$$ 2026-05-09 11:44:16.398 -0400  monteg3@hudson
$$ /opt/nmrdata/monteg3/ADF_TR_Nirmat400-Mpro400_EDTA_VT_2026-05-09/2//specpar
$$ process /opt/topspin4.4.1/prog/mod/acqdataserver
##$ANCIEN= (0..7)
0 0 0 0 0 0 0 0
##$BF1= 100.13
##$BF2= 100.13
##$BF3= 100.13
##$DEC= 1
##$DECB= 1
##$DEF19F= yes
##$DEFRSEL= yes
##$HPMOD= (0..32)
0 0 0 0 0 0 0 0 0 0 0 0 0 0 0 0 0 0 0 0 0 0 0 0 0 0 0 0 0 0 0 0 0
##$HPPRECH= (0..32)
-1 -1 -1 -1 -1 -1 -1 -1 -1 -1 -1 -1 -1 -1 -1 -1 -1 -1 -1 -1 -1 -1 -1 -1
-1 -1 -1 -1 -1 -1 -1 -1 -1
##$HPSELECT= yes
##$LOCSW19F= -1
##$LOCSW2H= -1
##$NUC1= 10
##$NUC2= 14
##$NUC3= 0
##$NUC4= 0
##$NUC5= 0
##$NUC6= 0
##$NUC7= 0
##$NUC8= 0
##$NUCARR= (0..123)
800.14 800.14 122.826361732 853.461121564 609.538458566 117.74929052 310.964785316
112.434176538 85.964305121 256.716709564 201.195363028 57.820652844 81.077482077
108.47063504 752.883819615 63.165420014 211.65223266 48.981650289 208.491351603
158.965310062 323.902609039 61.4187464 78.396989073 65.257218015 37.337516922
46.424266825 20.494025827 53.849654041 194.367984446 45.108164548 45.120190652
79.776430433 210.460408127 45.227881494 198.348448905 25.906756889 189.849809904
71.500918471 212.160905662 227.26930917 50.063183524 192.044433896 244.016327386
27.911403641 137.00488366 152.598804118 41.749080811 200.466915572 216.089953125
30.78618664 77.25306092 261.809440636 34.676643351 39.208444277 74.383398817
195.843626638 52.144531696 53.238875173 180.098119656 36.847655211 41.298177917
25.496037026 36.61520654 32.388218947 37.234778946 169.753541672 177.576470445
174.956652057 175.331709681 261.795798249 285.107957163 298.377262885 191.478118808
103.691878904 209.394573639 252.442321677 160.08789848 222.52042226 65.962909489
104.947498599 79.48956424 88.918982099 105.57287202 113.024903897 245.002868
43.60763 26.884704 33.365838 27.524816 198.914804 87.855372 24.564298 32.245642
192.353656 27.524816 38.566748 170.749876 23.044032 66.331606 140.018947028
38.5747494 91.2479656 65.0593834 32.0616098 20.1395238 95.93358544 33.336928942
180.22833444 182.04465224 18.261843263 62.13407156 13.7464052 14.9706194
172.004367498 13.8344206 143.311651151 52.901920216 457.06557248 461.551461373
167.394080839 128.576801003 14.73377796 29.045082 100
##$NUCOFFS= (0..127)
<13C> <1H> <2H> <15N> <31P> <19F> <14N> <> <> <> <> <> <> <> <> <> <> <>
<> <> <> <> <> <> <> <> <> <> <> <> <> <> <> <> <> <> <> <> <> <> <> <>
<> <> <> <> <> <> <> <> <> <> <> <> <> <> <> <> <> <> <> <> <> <> <> <>
<> <> <> <> <> <> <> <> <> <> <> <> <> <> <> <> <> <> <> <> <> <> <> <>
<> <> <> <> <> <> <> <> <> <> <> <> <> <> <> <> <> <> <> <> <> <> <> <>
<> <> <> <> <> <> <> <> <> <> <> <> <> <>
##$OBS= 1
##$OFFS= (0..127)
0 3760.66 0 0 0 0 0 0 0 0 0 0 0 0 0 0 0 0 0 0 0 0 0 0 0 0 0 0 0 0 0 0 0
0 0 0 0 0 0 0 0 0 0 0 0 0 0 0 0 0 0 0 0 0 0 0 0 0 0 0 0 0 0 0 0 0 0 0 0
0 0 0 0 0 0 0 0 0 0 0 0 0 0 0 0 0 0 0 0 0 0 0 0 0 0 0 0 0 0 0 0 0 0 0 0
0 0 0 0 0 0 0 0 0 0 0 0 0 0 0 0 0 0 0 0 0 0 0
##$OFFSF= (0..7)
0 0 0 0 0 0 0 0
##$OFFSH= (0..7)
0 0 0 0 0 0 0 0
##$OFFSX= (0..7)
0 0 0 0 0 0 0 0
##$OFFSXAS= (0..7)
0 0 0 0 0 0 0 0
##$OFSF1= 0
##$OFSF2= 0
##$OFSH1= 0
##$OFSH2= 0
##$OFSH3= 0
##$OFSX1= 0
##$OFSX2= 0
##$OFSY= 0
##$PACOIL= (0..32)
0 0 0 0 0 0 0 0 0 0 0 0 0 0 0 0 0 0 0 0 0 0 0 0 0 0 0 0 0 0 0 0 0
##$PRECHAN= (0..32)
-1 2 3 0 1 4 -1 -1 -1 -1 -1 -1 -1 -1 -1 -1 -1 -1 -1 -1 -1 -1 -1 -1 -1 -1
-1 -1 -1 -1 -1 -1 -1
##$RECPRE= (0..25)
-1 0 1 2 4 -1 -1 -1 -1 -1 -1 -1 -1 -1 -1 -1 -1 -1 -1 -1 -1 -1 -1 -1 -1
-1
##$RECPRFX= (0..32)
1 1 1 0 1 0 0 0 0 0 0 0 0 0 0 0 0 0 0 0 0 0 0 0 0 0 0 0 0 0 0 0 0
##$RECSEL= (0..24)
0 1 2 3 4 5 6 7 8 9 10 11 12 13 14 15 16 17 18 19 20 21 22 23 24
##$SELREC= (0..24)
0 0 0 0 0 0 0 0 0 0 0 0 0 0 0 0 0 0 0 0 0 0 0 0 0
##$SFO1= 201.195363
##$SFO2= 752.770887
##$SFO3= 800.14
##$SFO4= 800.14
##$SFO5= 800.144801
##$SFO6= 800.144801
##$SFO7= 800.144801
##$SFO8= 800.144801
##$TY= (0..123)
0 0 0 0 0 0 0 0 0 0 0 0 0 0 0 0 0 0 0 0 0 0 0 0 0 0 0 0 0 0 0 0 0 0 0 0
0 0 0 0 0 0 0 0 0 0 0 0 0 0 0 0 0 0 0 0 0 0 0 0 0 0 0 0 0 0 0 0 0 0 0 0
0 0 0 0 0 0 0 0 0 0 0 0 0 0 0 0 0 0 0 0 0 0 0 0 0 0 0 0 0 0 0 0 0 0 0 0
0 0 0 0 0 0 0 0 0 0 0 0 0 0 0 0
##END=
