##TITLE= Parameter file, TopSpin 4.4.0
##JCAMPDX= 5.0
##DATATYPE= Parameter Values
##NPOINTS= 3	$$ modification sequence number
##ORIGIN= Bruker BioSpin GmbH & Co. KG
##OWNER= monteg3
$$ 2025-01-08 13:31:30.284 -0500  monteg3@mohawk.biotech.rpi.edu
$$ /opt/nmrdata/data/monteg3/RGC_Nirmat-Mpro_in_buffer_2D-19F-noesy_2024-11-12/33/acqu2
$$ process /opt/topspin4.4.0/prog/mod/dataserver
##$ACQT0= 0
##$BF1= 564.629932
##$FnILOOP= 0
##$FnMODE= 5
##$NUC1= <19F>
##$NusJSP= 0
##$NusT2= 1
##$NusTD= 0
##$O1= -40653.355104
##$ProjAngle= 0
##$SFO1= 564.589278644896
##$SW= 1.00007200518437
##$SW_h= 564.629931999998
##$TD= 24
##END=
