##TITLE= Parameter file, TopSpin 3.5 pl 6
##JCAMPDX= 5.0
##DATATYPE= Parameter Values
##NPOINTS= 58039	$$ modification sequence number
##ORIGIN= Bruker BioSpin GmbH
##OWNER= nmrsu
$$ 2022-10-18 13:31:26.751 -0400  cioffc4@pharaoh.chem.rpi.edu
$$ /opt/topspin3.5pl6/conf/instr/spect/specpar
$$ process /opt/topspin3.5pl6/prog/mod/hconfserver
##$ANCIEN= (0..7)
0 0 0 0 0 0 0 0
##$BF1= 100.13
##$BF2= 100.13
##$BF3= 100.13
##$DEC= 1
##$DECB= 1
##$DEF19F= yes
##$DEFRSEL= yes
##$HPMOD= (0..7)
0 0 0 0 0 0 0 0
##$HPPRECH= (0..15)
-1 -1 -1 -1 -1 -1 -1 -1 -1 -1 -1 -1 -1 -1 -1 -1
##$HPSELECT= no
##$LOCSW19F= -1
##$LOCSW2H= -1
##$NUC1= 1
##$NUC2= 10
##$NUC3= 0
##$NUC4= 0
##$NUC5= 0
##$NUC6= 0
##$NUC7= 0
##$NUC8= 0
##$NUCARR= (0..123)
600.015 600.015 92.105955751 639.999843596 457.085282846 88.298723413 233.18861157
84.312985772 64.463559548 192.508656596 150.873891753 43.358985948 60.798991937
81.340775469 564.578180102 47.366960145 158.715367785 36.730728245 156.345062529
119.206102078 242.890524111 46.0571514 58.788923687 48.935573358 27.998937956
15.368214196 40.381183504 145.754125762 33.82604963 33.835067855 59.823349547
157.821633442 33.915823874 148.739026382 19.427153667 142.366003061 53.617646408
159.096815321 170.426418554 37.541756521 144.011724203 182.984798505 20.930413248
102.738252392 114.431938727 31.307114658 150.327638097 162.043158978 23.08617714
57.931106242 196.327632068 26.003582074 29.401923029 55.779182445 146.860691425
39.102533539 39.923168054 135.053332249 27.631596772 30.968988206 19.119159967
27.457286415 24.287521173 27.92189603 127.296062322 133.162378976 131.197809864
131.479060894 196.317401812 213.798898839 223.749385595 143.587051586 77.757245882
157.022377461 189.303346466 120.047917123 166.865287528 49.464762588 78.698819421
59.608232169 66.679234939 79.167779145 84.755964846 183.724593 32.7008175
20.160504 25.0206255 20.640516 149.163729 65.881647 18.4204605 24.1806045
144.243606 20.640516 28.920723 128.043201 17.280432 49.7412435 104.998460896
28.92672315 68.4257106 48.78721965 24.04260105 15.10237755 71.93939844
24.998946958 135.15097869 136.51301274 13.69432835 46.59356481 10.3082577
11.22628065 128.983928518 10.37425935 107.467618624 39.670489737 342.74776848
346.111680576 125.52673209 96.418138394 11.04867621 21.7805445 100 100
##$NUCOFFS= (0..127)
<2H> <1H> <13C> <15N> <19F> <3H> <11B> <10B> <14N> <17O> <50V> <6Li> <>
<> <> <> <> <> <> <> <> <> <> <> <> <> <> <> <> <> <> <> <> <> <> <> <>
<> <> <> <> <> <> <> <> <> <> <> <> <> <> <> <> <> <> <> <> <> <> <> <>
<> <> <> <> <> <> <> <> <> <> <> <> <> <> <> <> <> <> <> <> <> <> <> <>
<> <> <> <> <> <> <> <> <> <> <> <> <> <> <> <> <> <> <> <> <> <> <> <>
<> <> <> <> <> <> <> <> <> <> <> <> <> <> <> <> <> <> <>
##$OBS= 1
##$OFFS= (0..127)
20 0 1000.01 0 0 0 0 0 0 0 0 0 0 0 0 0 0 0 0 0 0 0 0 0 0 0 0 0 0 0 0 0
0 0 0 0 0 0 0 0 0 0 0 0 0 0 0 0 0 0 0 0 0 0 0 0 0 0 0 0 0 0 0 0 0 0 0 0
0 0 0 0 0 0 0 0 0 0 0 0 0 0 0 0 0 0 0 0 0 0 0 0 0 0 0 0 0 0 0 0 0 0 0 0
0 0 0 0 0 0 0 0 0 0 0 0 0 0 0 0 0 0 0 0 0 0 0 0
##$OFFSF= (0..7)
0 0 0 0 0 0 0 0
##$OFFSH= (0..7)
3604.30000000633 2160 0 0 0 0 0 0
##$OFFSX= (0..7)
3014.90000001081 0 0 0 0 0 0 0
##$OFFSXAS= (0..7)
0 0 0 0 0 0 0 0
##$OFSF1= 0
##$OFSF2= 0
##$OFSH1= 0
##$OFSH2= 0
##$OFSH3= 0
##$OFSX1= 0
##$OFSX2= 0
##$OFSY= 0
##$PACOIL= (0..15)
0 0 0 0 0 0 0 0 0 0 0 0 0 0 0 0
##$PRECHAN= (0..15)
-1 3 -1 0 -1 1 4 -1 -1 -1 -1 -1 -1 -1 -1 -1
##$RECPRE= (0..15)
-1 0 -1 -1 -1 -1 -1 -1 -1 -1 -1 -1 -1 -1 -1 -1
##$RECPRFX= (0..15)
1 0 0 0 0 0 0 0 0 0 0 0 0 0 0 0
##$RECSEL= (0..15)
0 0 0 0 1 0 0 0 0 0 0 0 0 0 0 0
##$SELREC= (0..9)
0 0 0 0 0 0 0 0 0 0
##$SFO1= 600.0186
##$SFO2= 150.885962
##$SFO3= 600.015
##$SFO4= 600.015
##$SFO5= 600.0174
##$SFO6= 600.0174
##$SFO7= 600.0174
##$SFO8= 600.0174
##$TY= (0..123)
0 0 0 0 0 0 0 0 0 0 0 0 0 0 0 0 0 0 0 0 0 0 0 0 0 0 0 0 0 0 0 0 0 0 0 0
0 0 0 0 0 0 0 0 0 0 0 0 0 0 0 0 0 0 0 0 0 0 0 0 0 0 0 0 0 0 0 0 0 0 0 0
0 0 0 0 0 0 0 0 0 0 0 0 0 0 0 0 0 0 0 0 0 0 0 0 0 0 0 0 0 0 0 0 0 0 0 0
0 0 0 0 0 0 0 0 0 0 0 0 0 0 0 0
##END=
