##TITLE= Parameter file, TopSpin 4.4.0
##JCAMPDX= 5.0
##DATATYPE= Parameter Values
##NPOINTS= 1	$$ modification sequence number
##ORIGIN= Bruker BioSpin GmbH & Co. KG
##OWNER= monteg3
$$ 2024-11-12 13:33:31.001 -0500  monteg3@mohawk.biotech.rpi.edu
$$ /opt/nmrdata/data/monteg3/RGC_Nirmat-Mpro_in_buffer_2D-19F-noesy/31/scon2
$$ process /opt/topspin4.4.0/prog/mod/acqdataserver
##$BLKTR= (0..32)
3 3 3 3 3 3 3 3 3 3 3 3 3 3 3 3 3 3 3 3 3 3 3 3 3 3 3 3 3 3 3 3 3
##$DE1= 4.5
##$DEADC= 0.5
##$DEPA= 4.5
##$DERX= 1.5
##$GRADPRE= (0..1)
10 10
##$HD_BLKTR= (0..32)
1 1 1 1 1 1 1 1 1 1 1 1 1 1 1 1 1 1 1 1 1 1 1 1 1 1 1 1 1 1 1 1 1
##$HD_DE1= 5
##$HD_DEADC= 0
##$HD_DEPA= 2.5
##$HD_DERX= 0
##END=
