##TITLE= Parameter file, TopSpin 4.4.0
##JCAMPDX= 5.0
##DATATYPE= Parameter Values
##NPOINTS= 2	$$ modification sequence number
##ORIGIN= Bruker BioSpin GmbH & Co. KG
##OWNER= monteg3
$$ 2026-05-07 23:30:54.783 -0400  monteg3@mohawk.biotech.rpi.edu
$$ /opt/nmrdata/data/monteg3/ADF_Nirmat-Mpro_EDTA_288K_2D-19F-EXSY_2026-05-07/10//specpar
$$ process /opt/topspin4.4.0/prog/mod/acqdataserver
##$ANCIEN= (0..7)
0 0 0 0 0 0 0 0
##$BF1= 100.13
##$BF2= 100.13
##$BF3= 100.13
##$DEC= 1
##$DECB= 1
##$DEF19F= yes
##$DEFRSEL= yes
##$HPMOD= (0..32)
0 0 0 0 0 0 0 0 0 0 0 0 0 0 0 0 0 0 0 0 0 0 0 0 0 0 0 0 0 0 0 0 0
##$HPPRECH= (0..32)
-1 -1 -1 -1 -1 -1 -1 -1 -1 -1 -1 -1 -1 -1 -1 -1 -1 -1 -1 -1 -1 -1 -1 -1
-1 -1 -1 -1 -1 -1 -1 -1 -1
##$HPSELECT= yes
##$LOCSW19F= -1
##$LOCSW2H= -1
##$NUC1= 1
##$NUC2= 10
##$NUC3= 0
##$NUC4= 0
##$NUC5= 0
##$NUC6= 0
##$NUC7= 0
##$NUC8= 0
##$NUCARR= (0..123)
600.07 600.07 92.114398586 640.058508782 457.127181283 88.30681726 233.209986658
84.320714269 64.469468561 192.526302782 150.887721514 43.362960422 60.804565038
81.34823152 564.629931808 47.371302007 158.72991633 36.734095145 156.359393801
119.217029031 242.912788519 46.0613732 58.794312536 48.940059008 28.001504461
34.816169413 15.369622914 40.38488502 145.767486223 33.829150274 33.838169326
59.828833216 157.836100064 33.918932747 148.752660453 19.428934445 142.379052952
53.622561236 159.111398831 170.442040585 37.545197762 144.024924948 183.001571693
20.932331821 102.74766983 114.442428059 31.309984405 150.341417786 162.058012563
23.08829332 57.93641646 196.345628318 26.005965675 29.404618139 55.784295409
146.874153319 39.106117848 39.926827587 135.065711828 27.634129606 30.971826958
19.120912513 27.45980327 24.289747473 27.924455473 127.307730836 133.174585223
131.209836029 131.49111284 196.335397124 213.818496581 223.769895442 143.600213404
77.764373452 157.036770819 189.320698838 120.05892124 166.88058313 49.469296745
78.706033299 59.61369612 66.68534705 79.17503601 84.763733949 183.741434
32.703815 20.162352 25.022919 20.642408 149.177402 65.887686 18.422149
24.182821 144.256828 20.642408 28.923374 128.054938 17.282016 49.745803
105.008085514 28.9293747 68.4319828 48.7916917 24.0448049 15.1037619 71.94599272
25.001238471 135.16336722 136.52552612 13.695583632 46.59783578 10.3092026
11.2273097 128.995751749 10.3752103 107.477469575 39.674126108 342.77918624
346.143406687 125.538238419 96.426976502 11.04968898 21.782541 100
##$NUCOFFS= (0..127)
<1H> <2H> <13C> <15N> <19F> <14N> <> <> <> <> <> <> <> <> <> <> <> <> <>
<> <> <> <> <> <> <> <> <> <> <> <> <> <> <> <> <> <> <> <> <> <> <> <>
<> <> <> <> <> <> <> <> <> <> <> <> <> <> <> <> <> <> <> <> <> <> <> <>
<> <> <> <> <> <> <> <> <> <> <> <> <> <> <> <> <> <> <> <> <> <> <> <>
<> <> <> <> <> <> <> <> <> <> <> <> <> <> <> <> <> <> <> <> <> <> <> <>
<> <> <> <> <> <> <> <> <> <> <> <> <>
##$OBS= 1
##$OFFS= (0..127)
0 0 0 0 0 0 0 0 0 0 0 0 0 0 0 0 0 0 0 0 0 0 0 0 0 0 0 0 0 0 0 0 0 0 0 0
0 0 0 0 0 0 0 0 0 0 0 0 0 0 0 0 0 0 0 0 0 0 0 0 0 0 0 0 0 0 0 0 0 0 0 0
0 0 0 0 0 0 0 0 0 0 0 0 0 0 0 0 0 0 0 0 0 0 0 0 0 0 0 0 0 0 0 0 0 0 0 0
0 0 0 0 0 0 0 0 0 0 0 0 0 0 0 0 0 0 0 0
##$OFFSF= (0..7)
0 0 0 0 0 0 0 0
##$OFFSH= (0..7)
0 0 0 0 0 0 0 0
##$OFFSX= (0..7)
0 0 0 0 0 0 0 0
##$OFFSXAS= (0..7)
0 0 0 0 0 0 0 0
##$OFSF1= 0
##$OFSF2= 0
##$OFSH1= 0
##$OFSH2= 0
##$OFSH3= 0
##$OFSX1= 0
##$OFSX2= 0
##$OFSY= 0
##$PACOIL= (0..32)
0 0 0 0 0 0 0 0 0 0 0 0 0 0 0 0 0 0 0 0 0 0 0 0 0 0 0 0 0 0 0 0 0
##$PRECHAN= (0..32)
-1 2 -1 0 1 3 -1 -1 -1 -1 -1 -1 -1 -1 -1 -1 -1 -1 -1 -1 -1 -1 -1 -1 -1
-1 -1 -1 -1 -1 -1 -1 -1
##$RECPRE= (0..25)
-1 0 1 2 3 -1 -1 -1 -1 -1 -1 -1 -1 -1 -1 -1 -1 -1 -1 -1 -1 -1 -1 -1 -1
-1
##$RECPRFX= (0..32)
1 1 1 1 0 0 0 0 0 0 0 0 0 0 0 0 0 0 0 0 0 0 0 0 0 0 0 0 0 0 0 0 0
##$SFO1= 600.07282
##$SFO2= 150.887722
##$SFO3= 600.07
##$SFO4= 600.07
##$SFO5= 600.07282
##$SFO6= 600.07282
##$SFO7= 600.07282
##$SFO8= 600.07282
##$TY= (0..123)
0 0 0 0 0 0 0 0 0 0 0 0 0 0 0 0 0 0 0 0 0 0 0 0 0 0 0 0 0 0 0 0 0 0 0 0
0 0 0 0 0 0 0 0 0 0 0 0 0 0 0 0 0 0 0 0 0 0 0 0 0 0 0 0 0 0 0 0 0 0 0 0
0 0 0 0 0 0 0 0 0 0 0 0 0 0 0 0 0 0 0 0 0 0 0 0 0 0 0 0 0 0 0 0 0 0 0 0
0 0 0 0 0 0 0 0 0 0 0 0 0 0 0 0
##END=
