##TITLE= Parameter file, TopSpin 4.4.0
##JCAMPDX= 5.0
##DATATYPE= Parameter Values
##NPOINTS= 3	$$ modification sequence number
##ORIGIN= Bruker BioSpin GmbH & Co. KG
##OWNER= monteg3
$$ 2024-11-12 16:00:28.330 -0500  monteg3@mohawk.biotech.rpi.edu
$$ /opt/nmrdata/data/monteg3/RGC_Nirmat-Mpro_in_buffer_2D-19F-noesy/34/acqu2
$$ process /opt/topspin4.4.0/prog/mod/dataserver
##$ACQT0= 0
##$BF1= 600.07
##$FnILOOP= 0
##$FnMODE= 5
##$NUC1= <off>
##$NusJSP= 0
##$NusT2= 1
##$NusTD= 0
##$O1= -43205.04
##$ProjAngle= 0
##$SFO1= 600.02679496
##$SW= 1.00007200518437
##$SW_h= 600.113208150985
##$TD= 24
##END=
