##TITLE= Parameter file, TopSpin 4.0.9
##JCAMPDX= 5.0
##DATATYPE= Parameter Values
##NPOINTS= 4	$$ modification sequence number
##ORIGIN= Bruker BioSpin GmbH & Co. KG
##OWNER= monteg3
$$ 2026-01-22 18:27:43.699 -0500  ramelt2@MacBookPro-TR-work-2.local
$$ /Users/ramelt2/Library/CloudStorage/Box-Box/Montelione-Lab-Box/MPro_NMR_and_MS_data_and_analysis/MPro-Nirmatrelvir/Mohawk-600NMR-data/RGC_Nirmat-Mpro_in_buffer_2D-19F-noesy_2024-11-12/32/acqu2
$$ process /opt/topspin4.0.9/prog/mod/dataserver
##$ACQT0= 0
##$BF1= 564.629932
##$FnILOOP= 0
##$FnMODE= 5
##$NUC1= <19F>
##$NusJSP= 0
##$NusT2= 1
##$NusTD= 0
##$O1= -40653.355104
##$ProjAngle= 0
##$SFO1= 564.589278644896
##$SW= 1.00014401555349
##$SW_h= 600.113208150985
##$TD= 24
##END=
