##TITLE= Parameter file, TopSpin 4.4.0
##JCAMPDX= 5.0
##DATATYPE= Parameter Values
##NPOINTS= 27	$$ modification sequence number
##ORIGIN= Bruker BioSpin GmbH & Co. KG
##OWNER= monteg3
$$ 2024-11-12 14:28:54.130 -0500  monteg3@mohawk.biotech.rpi.edu
$$ /opt/nmrdata/data/monteg3/RGC_Nirmat-Mpro_in_buffer_2D-19F-noesy/31/acqu2s
$$ process /opt/topspin4.4.0/prog/mod/acqdataserver
##$ACQT0= 0
##$BF1= 600.07
##$FnILOOP= 1
##$FnMODE= 5
##$NUC1= <off>
##$NusJSP= 0
##$NusT2= 1
##$NusTD= 24
##$O1= 0
##$ProjAngle= 0
##$SFO1= 600.07
##$SW= 1
##$SW_h= 600.07
##$TD= 24
##END=
