##TITLE= Parameter file, TopSpin 4.4.0
##JCAMPDX= 5.0
##DATATYPE= Parameter Values
##NPOINTS= 1	$$ modification sequence number
##ORIGIN= Bruker BioSpin GmbH & Co. KG
##OWNER= monteg3
$$ 2026-05-03 21:01:27.493 -0400  monteg3@mohawk.biotech.rpi.edu
$$ /opt/nmrdata/data/monteg3/ADF_Nirmat-Mpro_EDTA_2D-19F-noesy_2026-04-15/550/acqu2
$$ process /opt/topspin4.4.0/prog/mod/edparproc
##$ACQT0= 0
##$BF1= 600.07
##$FnILOOP= 0
##$FnMODE= 0
##$NUC1= <off>
##$NusJSP= 0
##$NusT2= 1
##$NusTD= 0
##$O1= 3705.43
##$ProjAngle= 0
##$SFO1= 600.07370543
##$SW= 2
##$SW_h= 1200.14
##$TD= 12
##END=
